GEM
  remote: https://rubygems.org/
  specs:
    addressable (2.4.0)
    alfred-workflow (2.0.5)
      fuzzy_match (>= 2.0.4)
      gyoku (>= 1.1.0)
      moneta (>= 0.7.19)
      nori (>= 2.3.0)
      plist (>= 3.1.0)
      terminal-notifier (>= 1.5.0)
    builder (3.2.2)
    fuzzy_match (2.1.0)
    gyoku (1.3.1)
      builder (>= 2.1.2)
    launchy (2.4.3)
      addressable (~> 2.3)
    little-plugger (1.1.4)
    logging (2.1.0)
      little-plugger (~> 1.1)
      multi_json (~> 1.10)
    mixlib-shellout (2.2.6)
    moneta (0.8.0)
    multi_json (1.12.0)
    nori (2.6.0)
    plist (3.1.0)
    terminal-notifier (1.6.3)

PLATFORMS
  ruby

DEPENDENCIES
  alfred-workflow (= 2.0.5)
  launchy
  logging
  mixlib-shellout
  plist

BUNDLED WITH
   1.12.3
